GEM
  remote: https://rubygems.org/
  specs:
    ProMotion (2.4.2)
      methadone (~> 1.7)
      motion_print (~> 1.0)
    ProMotion-menu (1.1.0)
      ProMotion (~> 2)
      motion-cocoapods (~> 1)
    activesupport (3.2.22)
      i18n (~> 0.6, >= 0.6.4)
      multi_json (~> 1.0)
    claide (0.7.0)
    cocoapods (0.34.0)
      activesupport (>= 3.2.15, < 4)
      claide (~> 0.7.0)
      cocoapods-core (= 0.34.0)
      cocoapods-downloader (~> 0.7.0)
      cocoapods-plugins (~> 0.3.1)
      cocoapods-trunk (~> 0.2.0)
      cocoapods-try (~> 0.4.0)
      colored (~> 1.2)
      escape (~> 0.0.4)
      json_pure (~> 1.8)
      nap (~> 0.8)
      open4 (~> 1.3)
      xcodeproj (~> 0.19.2)
    cocoapods-core (0.34.0)
      activesupport (>= 3.2.15)
      fuzzy_match (~> 2.0.4)
      json_pure (~> 1.8)
      nap (~> 0.8.0)
    cocoapods-downloader (0.7.2)
    cocoapods-plugins (0.3.2)
      nap
    cocoapods-trunk (0.2.0)
      json_pure (~> 1.8)
      nap (>= 0.8)
      netrc
    cocoapods-try (0.4.5)
    colored (1.2)
    escape (0.0.4)
    fuzzy_match (2.0.4)
    i18n (0.7.0)
    json_pure (1.8.2)
    methadone (1.9.1)
      bundler
    motion-cocoapods (1.7.1)
      cocoapods (>= 0.34)
    motion_print (1.2.0)
    multi_json (1.11.2)
    nap (0.8.0)
    netrc (0.10.3)
    open4 (1.3.4)
    rake (10.4.2)
    xcodeproj (0.19.4)
      activesupport (~> 3.0)
      colored (~> 1.2)

PLATFORMS
  ruby

DEPENDENCIES
  ProMotion
  ProMotion-menu
  cocoapods (= 0.34)
  motion-cocoapods (~> 1.5)
  motion_print
  rake

BUNDLED WITH
   1.10.4
